GIT
  remote: https://github.com/raws/wonder-llama.git
  revision: 0aa35d690fce59eeb7fddc997a72d2ec2a3404c5
  specs:
    wonder-llama (0.0.1)

GEM
  remote: https://rubygems.org/
  specs:
    diff-lcs (1.3)
    dotenv (2.7.5)
    rspec (3.9.0)
      rspec-core (~> 3.9.0)
      rspec-expectations (~> 3.9.0)
      rspec-mocks (~> 3.9.0)
    rspec-core (3.9.1)
      rspec-support (~> 3.9.1)
    rspec-expectations (3.9.1)
      diff-lcs (>= 1.2.0, < 2.0)
      rspec-support (~> 3.9.0)
    rspec-mocks (3.9.1)
      diff-lcs (>= 1.2.0, < 2.0)
      rspec-support (~> 3.9.0)
    rspec-support (3.9.2)

PLATFORMS
  ruby

DEPENDENCIES
  dotenv
  rspec (~> 3.9.0)
  wonder-llama!

RUBY VERSION
   ruby 2.7.1p83

BUNDLED WITH
   2.1.4
